GEM
  remote: https://rubygems.org/
  specs:
    colorize (1.1.0)
    nokogiri (1.18.2-x64-mingw-ucrt)
      racc (~> 1.4)
    racc (1.8.1)

PLATFORMS
  x64-mingw-ucrt

DEPENDENCIES
  colorize
  nokogiri

BUNDLED WITH
   2.6.3
